GEM
  remote: http://rubygems.org/
  specs:
    ffi (1.13.1)
    ffi-xattr (0.1.2)
      ffi
    rack (2.2.3)
    webrick (1.6.1)

PLATFORMS
  ruby

DEPENDENCIES
  ffi-xattr
  rack
  webrick

RUBY VERSION
   ruby 2.7.2p137

BUNDLED WITH
   2.1.4
